GEM
  remote: http://rubygems.org/
  remote: https://rubygems.org/
  specs:
    kramdown (1.13.2)

PLATFORMS
  ruby

DEPENDENCIES
  kramdown

BUNDLED WITH
   1.14.6
